PATH
  remote: ../..
  specs:
    rack-simple_user_agent (0.3.0)

GEM
  remote: https://rubygems.org/
  specs:
    coderay (1.1.2)
    method_source (0.9.1)
    mustermann (1.0.3)
    pry (0.11.3)
      coderay (~> 1.1.0)
      method_source (~> 0.9.0)
    rack (2.0.5)
    rack-protection (2.0.4)
      rack
    sinatra (2.0.4)
      mustermann (~> 1.0)
      rack (~> 2.0)
      rack-protection (= 2.0.4)
      tilt (~> 2.0)
    tilt (2.0.8)

PLATFORMS
  ruby

DEPENDENCIES
  pry
  rack-simple_user_agent!
  sinatra

BUNDLED WITH
   1.17.1
